PATH
  remote: rack-reverse-proxy
  specs:
    rack-reverse-proxy (1.0.0.pre.unreleased)
      rack (>= 1.0.0)
      rack-proxy (~> 0.6, >= 0.6.1)

GEM
  remote: https://rubygems.org/
  specs:
    awesome_print (1.8.0)
    colorize (0.8.1)
    daemons (1.2.5)
    eventmachine (1.2.5)
    rack (2.0.3)
    rack-proxy (0.6.2)
      rack
    thin (1.7.2)
      daemons (~> 1.0, >= 1.0.9)
      eventmachine (~> 1.0, >= 1.0.4)
      rack (>= 1, < 3)

PLATFORMS
  ruby

DEPENDENCIES
  awesome_print
  colorize
  rack-reverse-proxy!
  thin

BUNDLED WITH
   1.14.6
